GEM
  remote: https://rubygems.org/
  specs:
    execjs (2.7.0)
    ffi (1.12.1)
    jekyll-watch (2.2.1)
      listen (~> 3.0)
    katex (0.6.0)
      execjs (~> 2.7)
    kramdown (2.1.0)
    kramdown-math-katex (1.0.1)
      katex (~> 0.4)
      kramdown (~> 2.0)
    kramdown-parser-gfm (1.1.0)
      kramdown (~> 2.0)
    listen (3.2.1)
      rb-fsevent (~> 0.10, >= 0.10.3)
      rb-inotify (~> 0.9, >= 0.9.10)
    rb-fsevent (0.10.3)
    rb-inotify (0.10.1)
      ffi (~> 1.0)

PLATFORMS
  ruby

DEPENDENCIES
  jekyll-watch (~> 2.2, >= 2.2.1)
  kramdown-math-katex (~> 1.0, >= 1.0.1)
  kramdown-parser-gfm (~> 1.1)

BUNDLED WITH
   2.1.4
